PATH
  remote: .
  specs:
    fech-search (0.1.0)
      fech (~> 1.8)
      nokogiri (= 1.6.6.2)

GEM
  remote: https://rubygems.org/
  specs:
    diff-lcs (1.2.4)
    ensure-encoding (0.1)
    fastercsv (1.5.5)
    fech (1.8)
      ensure-encoding
      fastercsv
      people
    mini_portile (0.6.2)
    nokogiri (1.6.6.2)
      mini_portile (~> 0.6.0)
    people (0.2.1)
    rspec (2.13.0)
      rspec-core (~> 2.13.0)
      rspec-expectations (~> 2.13.0)
      rspec-mocks (~> 2.13.0)
    rspec-core (2.13.1)
    rspec-expectations (2.13.0)
      diff-lcs (>= 1.1.3, < 2.0)
    rspec-mocks (2.13.1)

PLATFORMS
  ruby

DEPENDENCIES
  fech-search!
  rspec (~> 2.13.0)

BUNDLED WITH
   1.10.5
