PATH
  remote: .
  specs:
    fech-search (0.0.1)
      fech (= 1.4.1)

GEM
  remote: https://rubygems.org/
  specs:
    diff-lcs (1.2.4)
    fastercsv (1.5.5)
    fech (1.4.1)
      fastercsv
      people
    people (0.2.1)
    rspec (2.13.0)
      rspec-core (~> 2.13.0)
      rspec-expectations (~> 2.13.0)
      rspec-mocks (~> 2.13.0)
    rspec-core (2.13.1)
    rspec-expectations (2.13.0)
      diff-lcs (>= 1.1.3, < 2.0)
    rspec-mocks (2.13.1)

PLATFORMS
  ruby

DEPENDENCIES
  fech-search!
  rspec (= 2.13.0)
